GEM
  remote: https://rubygems.org/
  specs:
    blankslate (2.1.2.4)
    bourbon (4.0.1)
      sass (~> 3.3)
      thor
    classifier (1.3.4)
      fast-stemmer (>= 1.0.0)
    coderay (1.1.0)
    colorator (0.1)
    commander (4.1.6)
      highline (~> 1.6.11)
    em-dir-watcher (0.9.4)
    em-websocket (0.5.1)
      eventmachine (>= 0.12.9)
      http_parser.rb (~> 0.6.0)
    eventmachine (1.0.3)
    fast-stemmer (1.0.2)
    ffi (1.9.3)
    font-awesome-sass (4.0.3.1)
      sass (~> 3.2)
    formatador (0.2.4)
    guard (1.8.3)
      formatador (>= 0.2.4)
      listen (~> 1.3)
      lumberjack (>= 1.0.2)
      pry (>= 0.9.10)
      thor (>= 0.14.6)
    guard-livereload (1.4.0)
      em-websocket (>= 0.5.0)
      guard (>= 1.8.0)
      multi_json (~> 1.7)
    guard-shell (0.6.1)
      guard (>= 1.1.0)
    highline (1.6.21)
    http_parser.rb (0.6.0)
    jekyll (1.5.1)
      classifier (~> 1.3)
      colorator (~> 0.1)
      commander (~> 4.1.3)
      liquid (~> 2.5.5)
      listen (~> 1.3)
      maruku (= 0.7.0)
      pygments.rb (~> 0.5.0)
      redcarpet (~> 2.3.0)
      safe_yaml (~> 1.0)
      toml (~> 0.1.0)
    json (1.8.1)
    liquid (2.5.5)
    listen (1.3.1)
      rb-fsevent (>= 0.9.3)
      rb-inotify (>= 0.9)
      rb-kqueue (>= 0.2)
    livereload (1.6.1)
      em-dir-watcher (>= 0.1)
      em-websocket (>= 0.3.5)
      json (>= 1.5.3)
    lumberjack (1.0.5)
    maruku (0.7.0)
    method_source (0.8.2)
    multi_json (1.10.0)
    parslet (1.5.0)
      blankslate (~> 2.0)
    posix-spawn (0.3.8)
    pry (0.9.12.6)
      coderay (~> 1.0)
      method_source (~> 0.8)
      slop (~> 3.4)
    pygments.rb (0.5.4)
      posix-spawn (~> 0.3.6)
      yajl-ruby (~> 1.1.0)
    rb-fsevent (0.9.4)
    rb-inotify (0.9.4)
      ffi (>= 0.5.0)
    rb-kqueue (0.2.2)
      ffi (>= 0.5.0)
    redcarpet (2.3.0)
    safe_yaml (1.0.3)
    sass (3.3.7)
    slop (3.5.0)
    thor (0.19.1)
    toml (0.1.1)
      parslet (~> 1.5.0)
    yajl-ruby (1.1.0)

PLATFORMS
  ruby

DEPENDENCIES
  bourbon
  font-awesome-sass
  guard-livereload
  guard-shell
  jekyll
  livereload
  sass
